GEM
  remote: http://rubygems.org/
  specs:
    activesupport (3.2.6)
      i18n (~> 0.6)
      multi_json (~> 1.0)
    addressable (2.2.8)
    builder (3.0.0)
    data_objects (0.10.8)
      addressable (~> 2.1)
    dm-aggregates (1.2.0)
      dm-core (~> 1.2.0)
    dm-core (1.2.0)
      addressable (~> 2.2.6)
    dm-do-adapter (1.2.0)
      data_objects (~> 0.10.6)
      dm-core (~> 1.2.0)
    dm-migrations (1.2.0)
      dm-core (~> 1.2.0)
    dm-postgres-adapter (1.2.0)
      dm-do-adapter (~> 1.2.0)
      do_postgres (~> 0.10.6)
    do_postgres (0.10.8)
      data_objects (= 0.10.8)
    i18n (0.6.0)
    multi_json (1.3.6)
    nokogiri (1.5.3)
    pr_geohash (1.0.0)
    rack (1.4.1)
    rack-protection (1.2.0)
      rack
    rsolr (1.0.8)
      builder (>= 2.1.2)
    sinatra (1.3.2)
      rack (~> 1.3, >= 1.3.6)
      rack-protection (~> 1.2)
      tilt (~> 1.3, >= 1.3.3)
    sunspot (1.3.3)
      pr_geohash (~> 1.0)
      rsolr (~> 1.0.7)
    sunspot_rails (1.3.3)
      nokogiri
      sunspot (= 1.3.3)
    tilt (1.3.3)
    will_paginate (3.0.3)

PLATFORMS
  ruby

DEPENDENCIES
  activesupport
  dm-aggregates
  dm-core
  dm-migrations
  dm-postgres-adapter
  sinatra
  sunspot
  sunspot_rails
  will_paginate
